GEM
  remote: http://rubygems.org/
  specs:
    activesupport (3.2.13)
      i18n (= 0.6.1)
      multi_json (~> 1.0)
    feminizer (1.0.3)
      activesupport
      nokogiri
      without_accents (= 0.9.0)
    i18n (0.6.1)
    mini_portile (0.5.0)
    multi_json (1.8.1)
    nokogiri (1.6.0)
      mini_portile (~> 0.5.0)
    rack (1.4.5)
    rack-protection (1.3.2)
      rack
    shotgun (0.9)
      rack (>= 1.0)
    sinatra (1.3.4)
      rack (~> 1.4)
      rack-protection (~> 1.3)
      tilt (~> 1.3, >= 1.3.3)
    tilt (1.3.4)
    utf8_utils (2.0.1)
    without_accents (0.9.0)
      utf8_utils

PLATFORMS
  ruby

DEPENDENCIES
  feminizer
  shotgun
  sinatra
